GEM
  remote: https://rubygems.org/
  specs:
    RbST (0.6.5)
    addressable (2.7.0)
      public_suffix (>= 2.0.2, < 5.0)
    coffee-script (2.4.1)
      coffee-script-source
      execjs
    coffee-script-source (1.12.2)
    concurrent-ruby (1.1.9)
    daemons (1.4.0)
    down (5.2.2)
      addressable (~> 2.5)
    et-orbi (1.2.4)
      tzinfo
    eventmachine (1.2.7)
    execjs (2.8.1)
    ffi (1.15.3)
    fugit (1.5.0)
      et-orbi (~> 1.1, >= 1.1.8)
      raabro (~> 1.4)
    json (2.5.1)
    multi_json (1.15.0)
    mustermann (1.1.1)
      ruby2_keywords (~> 0.0.1)
    net-ping (2.0.8)
    public_suffix (4.0.6)
    raabro (1.4.0)
    rack (2.2.3)
    rack-protection (2.1.0)
      rack
    redcarpet (3.5.1)
    ruby2_keywords (0.0.4)
    rufus-scheduler (3.7.0)
      fugit (~> 1.1, >= 1.1.6)
    sassc (2.4.0)
      ffi (~> 1.9)
    sinatra (2.1.0)
      mustermann (~> 1.0)
      rack (~> 2.2)
      rack-protection (= 2.1.0)
      tilt (~> 2.0)
    sinatra-contrib (2.1.0)
      multi_json
      mustermann (~> 1.0)
      rack-protection (= 2.1.0)
      sinatra (= 2.1.0)
      tilt (~> 2.0)
    smashing (1.3.4)
      coffee-script (~> 2.4)
      execjs (~> 2.7)
      rack (~> 2.2)
      rufus-scheduler (~> 3.6)
      sassc (~> 2.0)
      sinatra (~> 2.0)
      sinatra-contrib (~> 2.0)
      sprockets (~> 4.0)
      thin (~> 1.7)
      thor (~> 1.0)
    sprockets (4.0.2)
      concurrent-ruby (~> 1.0)
      rack (> 1, < 3)
    thin (1.8.1)
      daemons (~> 1.0, >= 1.0.9)
      eventmachine (~> 1.0, >= 1.0.4)
      rack (>= 1, < 3)
    thor (1.1.0)
    tilt (2.0.10)
    tzinfo (2.0.4)
      concurrent-ruby (~> 1.0)

PLATFORMS
  x86_64-linux

DEPENDENCIES
  RbST
  down
  json
  net-ping
  redcarpet
  smashing

BUNDLED WITH
   2.2.21
